GEM
  remote: https://rubygems.org/
  specs:
    bcrypt (3.1.16)
    connection_pool (2.2.5)
    dalli (3.1.5)
    kgio (2.11.4)
    mini_portile2 (2.6.1)
    minitest (5.15.0)
    multi_json (1.15.0)
    mustermann (1.1.1)
      ruby2_keywords (~> 0.0.1)
    mysql2 (0.5.3)
    nokogiri (1.12.5)
      mini_portile2 (~> 2.6.1)
      racc (~> 1.4)
    pycall (1.4.1)
    racc (1.6.0)
    rack (2.2.3)
    rack-protection (2.1.0)
      rack
    rack-test (1.1.0)
      rack (>= 1.0, < 3)
    raindrops (0.20.0)
    ruby2_keywords (0.0.5)
    sequel (5.51.0)
    sinatra (2.1.0)
      mustermann (~> 1.0)
      rack (~> 2.2)
      rack-protection (= 2.1.0)
      tilt (~> 2.0)
    sinatra-contrib (2.1.0)
      multi_json
      mustermann (~> 1.0)
      rack-protection (= 2.1.0)
      sinatra (= 2.1.0)
      tilt (~> 2.0)
    tilt (2.0.10)
    unicorn (6.0.0)
      kgio (~> 2.6)
      raindrops (~> 0.7)
    webrick (1.7.0)

PLATFORMS
  ruby

DEPENDENCIES
  bcrypt
  connection_pool
  dalli
  minitest
  mysql2
  nokogiri
  pycall
  rack
  rack-test
  sequel
  sinatra
  sinatra-contrib
  unicorn
  webrick

BUNDLED WITH
   2.2.15
