GEM
  remote: https://rubygems.org/
  specs:
    bcrypt (3.1.18)
    connection_pool (2.2.5)
    dalli (3.2.2)
    kgio (2.11.4)
    mini_portile2 (2.8.0)
    minitest (5.16.2)
    multi_json (1.15.0)
    mustermann (2.0.2)
      ruby2_keywords (~> 0.0.1)
    mysql2 (0.5.4)
    nokogiri (1.13.8)
      mini_portile2 (~> 2.8.0)
      racc (~> 1.4)
    pycall (1.4.1)
    racc (1.6.0)
    rack (2.2.4)
    rack-protection (2.2.2)
      rack
    rack-test (2.0.2)
      rack (>= 1.3)
    raindrops (0.20.0)
    ruby2_keywords (0.0.5)
    sequel (5.59.0)
    sinatra (2.2.2)
      mustermann (~> 2.0)
      rack (~> 2.2)
      rack-protection (= 2.2.2)
      tilt (~> 2.0)
    sinatra-contrib (2.2.2)
      multi_json
      mustermann (~> 2.0)
      rack-protection (= 2.2.2)
      sinatra (= 2.2.2)
      tilt (~> 2.0)
    tilt (2.0.11)
    unicorn (6.1.0)
      kgio (~> 2.6)
      raindrops (~> 0.7)
    webrick (1.7.0)

PLATFORMS
  ruby

DEPENDENCIES
  bcrypt
  connection_pool
  dalli
  minitest
  mysql2
  nokogiri
  pycall
  rack
  rack-test
  sequel
  sinatra
  sinatra-contrib
  unicorn
  webrick

BUNDLED WITH
   2.2.15
